GEM
  specs:
    amazon-ec2 (0.9.17)
      xml-simple (>= 1.0.12)
    xml-simple (1.0.16)

PLATFORMS
  ruby

DEPENDENCIES
  amazon-ec2 (>= 0.9.17)
