GEM
  remote: http://rubygems.org/
  specs:
    aws-sdk (1.0.3)
      httparty (~> 0.7)
      json (~> 1.4)
      nokogiri (>= 1.4.4)
      uuidtools (~> 2.1)
    commander (4.0.4)
      highline (>= 1.5.0)
    crack (0.1.8)
    highline (1.6.2)
    httparty (0.7.8)
      crack (= 0.1.8)
    json (1.5.3)
    nokogiri (1.5.0)
    uuidtools (2.1.2)

PLATFORMS
  ruby

DEPENDENCIES
  aws-sdk
  commander
