GEM
  remote: http://rubygems.org/
  specs:
    diff-lcs (1.1.3)
    erubis (2.7.0)
    hashie (1.1.0)
    net-scp (1.0.4)
      net-ssh (>= 1.99.1)
    net-ssh (2.2.1)
    right_aws (2.1.0)
      right_http_connection (>= 1.2.5)
    right_http_connection (1.3.0)
    rspec (2.6.0)
      rspec-core (~> 2.6.0)
      rspec-expectations (~> 2.6.0)
      rspec-mocks (~> 2.6.0)
    rspec-core (2.6.4)
    rspec-expectations (2.6.0)
      diff-lcs (~> 1.1.2)
    rspec-mocks (2.6.0)
    terminal-table (1.4.2)

PLATFORMS
  ruby

DEPENDENCIES
  erubis
  hashie
  net-scp
  net-ssh (>= 2.2.0)
  right_aws
  rspec
  terminal-table
